GEM
  remote: https://rubygems.org/
  specs:
    asciidoctor (2.0.18)
    concurrent-ruby (1.1.10)
    rouge (4.0.0)

PLATFORMS
  x86_64-darwin-19

DEPENDENCIES
  asciidoctor
  concurrent-ruby
  rouge

BUNDLED WITH
   2.3.11
